PATH
  remote: .
  specs:
    guard-jade (0.0.1)
      guard (~> 1.7.0)
      guard-helpers (~> 0.0.2)
      jade (~> 0.1.1)

GEM
  remote: https://rubygems.org/
  specs:
    coderay (1.0.9)
    execjs (1.4.0)
      multi_json (~> 1.0)
    formatador (0.2.4)
    guard (1.7.0)
      formatador (>= 0.2.4)
      listen (>= 0.6.0)
      lumberjack (>= 1.0.2)
      pry (>= 0.9.10)
      thor (>= 0.14.6)
    guard-helpers (0.0.2)
    hike (1.2.2)
    jade (0.1.1)
      execjs
      sprockets
      tilt
    listen (0.7.3)
    lumberjack (1.0.3)
    method_source (0.8.1)
    multi_json (1.7.2)
    pry (0.9.12)
      coderay (~> 1.0.5)
      method_source (~> 0.8)
      slop (~> 3.4)
    rack (1.5.2)
    slop (3.4.4)
    sprockets (2.9.2)
      hike (~> 1.2)
      multi_json (~> 1.0)
      rack (~> 1.0)
      tilt (~> 1.1, != 1.3.0)
    thor (0.18.1)
    tilt (1.3.7)

PLATFORMS
  ruby

DEPENDENCIES
  guard-jade!
